PATH
  remote: .
  specs:
    omniauth-shibboleth-redux (2.0.0)
      omniauth (>= 2.0.0)

GEM
  remote: http://rubygems.org/
  specs:
    diff-lcs (1.5.0)
    hashie (5.0.0)
    omniauth (2.1.0)
      hashie (>= 3.4.6)
      rack (>= 2.2.3)
      rack-protection
    rack (3.0.0)
    rack-protection (3.0.5)
      rack
    rack-session (2.0.0)
      rack (>= 3.0.0)
    rack-test (2.0.2)
      rack (>= 1.3)
    rake (13.0.6)
    rspec (3.12.0)
      rspec-core (~> 3.12.0)
      rspec-expectations (~> 3.12.0)
      rspec-mocks (~> 3.12.0)
    rspec-core (3.12.1)
      rspec-support (~> 3.12.0)
    rspec-expectations (3.12.2)
      diff-lcs (>= 1.2.0, < 2.0)
      rspec-support (~> 3.12.0)
    rspec-mocks (3.12.3)
      diff-lcs (>= 1.2.0, < 2.0)
      rspec-support (~> 3.12.0)
    rspec-support (3.12.0)

PLATFORMS
  arm64-darwin-21

DEPENDENCIES
  omniauth-shibboleth-redux!
  rack-session
  rack-test
  rake
  rspec (>= 2.8)

BUNDLED WITH
   2.4.6
